PATH
  remote: .
  specs:
    sinatra (1.4.0)
      rack (~> 1.3, >= 1.3.6)
      rack-protection (~> 1.2)
      tilt (~> 1.3, >= 1.3.3)

GEM
  remote: http://rubygems.org/
  specs:
    RedCloth (4.2.9)
    backports (2.8.2)
    blankslate (3.1.3)
    builder (3.2.2)
    cgi_multipart_eof_fix (2.5.0)
    ci_reporter (2.0.0)
      builder (>= 2.1.2)
    citrus (3.0.2)
    coffee-script (2.4.1)
      coffee-script-source
      execjs
    coffee-script-source (1.9.1.1)
    commonjs (0.2.7)
    creole (0.5.0)
    daemons (1.2.2)
    erubis (2.7.0)
    eventmachine (1.0.7)
    execjs (2.5.2)
    fastthread (1.0.7)
    gem_plugin (0.2.3)
    haml (4.0.6)
      tilt
    json (1.8.2)
    kramdown (1.7.0)
    less (2.6.0)
      commonjs (~> 0.2.7)
    liquid (3.0.2)
    markaby (0.8.0)
      builder
    maruku (0.7.2)
    mini_portile (0.6.2)
    minitest (4.7.5)
    mongrel (1.1.5)
      cgi_multipart_eof_fix (>= 2.4)
      daemons (>= 1.0.3)
      fastthread (>= 1.0.1)
      gem_plugin (>= 0.2.3)
    net-http-server (0.2.2)
      parslet (~> 1.0)
    nokogiri (1.6.6.2)
      mini_portile (~> 0.6.0)
    parslet (1.7.0)
      blankslate (>= 2.0, <= 4.0)
    path (1.3.3)
    puma (2.11.3)
      rack (>= 1.1, < 2.0)
    quickl (0.4.3)
    rack (1.6.1)
    rack-protection (1.5.3)
      rack
    rack-test (0.6.3)
      rack (>= 1.0)
    radius (0.7.4)
    rake (10.4.2)
    rdiscount (2.1.8)
    rdoc (4.2.0)
      json (~> 1.4)
    redcarpet (3.2.3)
    slim (1.3.9)
      temple (~> 0.6.3)
      tilt (~> 1.3, >= 1.3.3)
    temple (0.6.10)
    thin (1.6.3)
      daemons (~> 1.0, >= 1.0.9)
      eventmachine (~> 1.0)
      rack (~> 1.0)
    tilt (1.4.1)
    wlang (2.3.1)
      backports (~> 2.6)
      citrus (>= 2.4, < 4.0)
      path (~> 1.3)
      quickl (~> 0.4.3)
      temple (~> 0.6)
    yajl-ruby (1.2.1)

PLATFORMS
  ruby

DEPENDENCIES
  RedCloth
  builder
  ci_reporter
  coffee-script (>= 2.0)
  creole
  erubis
  haml (>= 3.0)
  kramdown
  less (~> 2.0)
  liquid
  markaby
  maruku
  minitest (~> 4.0)
  mongrel
  net-http-server
  nokogiri
  puma
  rack
  rack-test (>= 0.5.6)
  radius
  rake
  rdiscount
  rdoc
  redcarpet
  sinatra!
  slim (~> 1.0)
  temple (!= 0.3.3)
  thin
  tilt
  wlang (>= 2.0.1)
  yajl-ruby
